GEM
  remote: http://rubygems.org/
  specs:
    activesupport (3.2.13)
      i18n (= 0.6.1)
      multi_json (~> 1.0)
    git (1.2.5)
    i18n (0.6.1)
    jbundler (0.4.2)
      maven-tools (~> 0.32.1)
      ruby-maven (~> 3.0.4)
    jeweler (1.8.4)
      bundler (~> 1.0)
      git (>= 1.2.5)
      rake
      rdoc
    json (1.8.0-java)
    maven-tools (0.32.4)
    multi_json (1.7.4)
    rake (10.0.4)
    rdoc (3.12.2)
      json (~> 1.4)
    ruby-maven (3.0.4.1.4)
      maven-tools (~> 0.32.3)
      thor (>= 0.14.6, < 2.0)
    shoulda (3.5.0)
      shoulda-context (~> 1.0, >= 1.0.1)
      shoulda-matchers (>= 1.4.1, < 3.0)
    shoulda-context (1.1.2)
    shoulda-matchers (2.1.0)
      activesupport (>= 3.0.0)
    simplecov (0.7.1)
      multi_json (~> 1.0)
      simplecov-html (~> 0.7.1)
    simplecov-html (0.7.1)
    thor (0.18.1)

PLATFORMS
  java

DEPENDENCIES
  bundler (~> 1.3.5)
  jbundler
  jeweler (~> 1.8.4)
  rdoc (~> 3.12)
  shoulda
  simplecov
